PATH
  remote: .
  specs:
    fast_autocomplete (0.0.1)

GEM
  remote: https://rubygems.org/
  specs:
    rake (10.4.2)

PLATFORMS
  ruby

DEPENDENCIES
  bundler (~> 1.7)
  fast_autocomplete!
  rake (~> 10.0)
